GEM
  remote: https://rubygems.org/
  specs:
    puma (3.10.0)
    rack (2.0.3)

PLATFORMS
  ruby

DEPENDENCIES
  puma
  rack

BUNDLED WITH
   1.11.2
